GEM
  remote: https://rubygems.org/
  specs:
    RedCloth (4.2.9)
    addressable (2.3.5)
    chunky_png (1.3.0)
    classifier (1.3.4)
      fast-stemmer (>= 1.0.0)
    compass (0.12.3)
      chunky_png (~> 1.2)
      fssm (>= 0.2.7)
      sass (= 3.2.14)
    daemons (1.1.9)
    directory_watcher (1.4.1)
    eventmachine (1.0.3)
    excon (0.32.1)
    fast-stemmer (1.0.2)
    fssm (0.2.10)
    haml (3.1.8)
    heroku (3.6.0)
      heroku-api (~> 0.3.17)
      launchy (>= 0.3.2)
      netrc (~> 0.7.7)
      rest-client (~> 1.6.1)
      rubyzip
    heroku-api (0.3.17)
      excon (~> 0.27)
      multi_json (~> 1.8.2)
    jekyll (0.12.1)
      classifier (~> 1.3)
      directory_watcher (~> 1.1)
      kramdown (~> 0.14)
      liquid (~> 2.3)
      maruku (~> 0.5)
      pygments.rb (~> 0.3.2)
    kramdown (0.14.2)
    launchy (2.4.2)
      addressable (~> 2.3)
    liquid (2.3.0)
    maruku (0.7.1)
    mime-types (2.2)
    multi_json (1.8.4)
    netrc (0.7.7)
    posix-spawn (0.3.8)
    pygments.rb (0.3.7)
      posix-spawn (~> 0.3.6)
      yajl-ruby (~> 1.1.0)
    rack (1.5.2)
    rack-protection (1.5.2)
      rack
    rack-rewrite (1.5.0)
    rake (10.1.1)
    rb-fsevent (0.9.4)
    rdiscount (2.1.7)
    rest-client (1.6.7)
      mime-types (>= 1.16)
    rubypants (0.2.0)
    rubyzip (1.1.2)
    sass (3.2.14)
    sass-globbing (1.1.0)
      sass (>= 3.1)
    shotgun (0.9)
      rack (>= 1.0)
    sinatra (1.4.4)
      rack (~> 1.4)
      rack-protection (~> 1.4)
      tilt (~> 1.3, >= 1.3.4)
    stringex (1.4.0)
    thin (1.6.2)
      daemons (>= 1.0.9)
      eventmachine (>= 1.0.0)
      rack (>= 1.0.0)
    tilt (1.4.1)
    yajl-ruby (1.1.0)

PLATFORMS
  ruby

DEPENDENCIES
  RedCloth (~> 4.2.9)
  compass (~> 0.12.2)
  directory_watcher (= 1.4.1)
  haml (~> 3.1)
  heroku
  jekyll (~> 0.12)
  liquid (~> 2.3.0)
  rack (~> 1.4)
  rack-rewrite
  rake
  rb-fsevent (~> 0.9)
  rdiscount (~> 2.0)
  rubypants (~> 0.2.0)
  sass (~> 3.2)
  sass-globbing (~> 1.0)
  shotgun
  sinatra (~> 1.4)
  stringex (~> 1.4.0)
  thin
